GEM
  remote: http://rubygems.org/
  specs:
    activesupport (3.2.7)
      i18n (~> 0.6)
      multi_json (~> 1.0)
    addressable (2.3.2)
    diff-lcs (1.1.3)
    erubis (2.7.0)
    faraday (0.7.6)
      addressable (~> 2.2)
      multipart-post (~> 1.1)
      rack (~> 1.1)
    faraday_middleware (0.8.8)
      faraday (>= 0.7.4, < 0.9)
    grit (2.5.0)
      diff-lcs (~> 1.1)
      mime-types (~> 1.15)
      posix-spawn (~> 0.3.6)
    hashie (1.2.0)
    i18n (0.6.0)
    jenkins-client (0.0.1)
      faraday (~> 0.7.6)
      faraday_middleware (~> 0.8.4)
      rash (~> 0.3.2)
    json (1.7.4)
    mime-types (1.19)
    multi_json (1.3.6)
    multipart-post (1.1.5)
    posix-spawn (0.3.6)
    rack (1.4.1)
    rash (0.3.2)
      hashie (~> 1.2.0)
    rest-client (1.6.7)
      mime-types (>= 1.16)
    rspec (2.11.0)
      rspec-core (~> 2.11.0)
      rspec-expectations (~> 2.11.0)
      rspec-mocks (~> 2.11.0)
    rspec-core (2.11.1)
    rspec-expectations (2.11.2)
      diff-lcs (~> 1.1.3)
    rspec-mocks (2.11.1)
    thor (0.15.4)

PLATFORMS
  ruby

DEPENDENCIES
  activesupport
  erubis
  grit
  jenkins-client
  json
  rest-client
  rspec
  thor
