PATH
  remote: .
  specs:
    dtk-client (0.1.7)
      awesome_print (= 1.1.0)
      bundler (>= 1.2.4)
      colorize (~> 0.5.8)
      diff-lcs (= 1.1.3)
      dtk-common (>= 0.1.9)
      erubis (~> 2.7.0)
      grit (~> 2.5.0)
      highline (= 1.6.16)
      hirb (~> 0.7.0)
      json (= 1.7.4)
      rest-client (~> 1.6.7)
      thor (~> 0.15.4)

GEM
  remote: http://rubygems.org/
  remote: http://dtkuser:g3msdtk@gems-dev.r8network.com/
  specs:
    awesome_print (1.1.0)
    colorize (0.5.8)
    diff-lcs (1.1.3)
    dtk-common (0.1.9)
    erubis (2.7.0)
    grit (2.5.0)
      diff-lcs (~> 1.1)
      mime-types (~> 1.15)
      posix-spawn (~> 0.3.6)
    highline (1.6.16)
    hirb (0.7.1)
    json (1.7.4)
    mime-types (1.23)
    posix-spawn (0.3.6)
    rest-client (1.6.7)
      mime-types (>= 1.16)
    thor (0.15.4)

PLATFORMS
  ruby

DEPENDENCIES
  dtk-client!
