PATH
  remote: .
  specs:
    dtk-client (0.1.4)
      activesupport (~> 3.2.12)
      awesome_print (~> 1.1.0)
      bundler (>= 1.2.4)
      colorize (~> 0.5.8)
      dtk-common (>= 0.1.6)
      erubis (~> 2.7.0)
      fakeweb (~> 1.3.0)
      grit (~> 2.5.0)
      hirb (~> 0.7.0)
      i18n (= 0.6.2)
      jenkins-client (~> 0.0.1)
      json (= 1.7.4)
      rest-client (~> 1.6.7)
      rspec (~> 2.12.0)
      ruby-debug (>= 0.10.4)
      thor (~> 0.15.4)

GEM
  remote: http://rubygems.org/
  remote: http://ec2-54-247-191-95.eu-west-1.compute.amazonaws.com:3000/
  remote: http://ec2-54-247-191-95.eu-west-1.compute.amazonaws.com:4000/
  specs:
    activesupport (3.2.12)
      i18n (~> 0.6)
      multi_json (~> 1.0)
    addressable (2.3.3)
    awesome_print (1.1.0)
    colorize (0.5.8)
    columnize (0.3.6)
    diff-lcs (1.1.3)
    dtk-common (0.1.6)
      sequel (~> 3.40.0)
    erubis (2.7.0)
    fakeweb (1.3.0)
    faraday (0.7.6)
      addressable (~> 2.2)
      multipart-post (~> 1.1)
      rack (~> 1.1)
    faraday_middleware (0.8.8)
      faraday (>= 0.7.4, < 0.9)
    grit (2.5.0)
      diff-lcs (~> 1.1)
      mime-types (~> 1.15)
      posix-spawn (~> 0.3.6)
    hashie (1.2.0)
    hirb (0.7.1)
    i18n (0.6.2)
    jenkins-client (0.0.1)
      faraday (~> 0.7.6)
      faraday_middleware (~> 0.8.4)
      rash (~> 0.3.2)
    json (1.7.4)
    linecache (0.46)
      rbx-require-relative (> 0.0.4)
    mime-types (1.21)
    multi_json (1.6.1)
    multipart-post (1.2.0)
    posix-spawn (0.3.6)
    rack (1.5.2)
    rash (0.3.2)
      hashie (~> 1.2.0)
    rbx-require-relative (0.0.9)
    rest-client (1.6.7)
      mime-types (>= 1.16)
    rspec (2.12.0)
      rspec-core (~> 2.12.0)
      rspec-expectations (~> 2.12.0)
      rspec-mocks (~> 2.12.0)
    rspec-core (2.12.2)
    rspec-expectations (2.12.1)
      diff-lcs (~> 1.1.3)
    rspec-mocks (2.12.2)
    ruby-debug (0.10.4)
      columnize (>= 0.1)
      ruby-debug-base (~> 0.10.4.0)
    ruby-debug-base (0.10.4)
      linecache (>= 0.3)
    sequel (3.40.0)
    thor (0.15.4)

PLATFORMS
  ruby

DEPENDENCIES
  dtk-client!
