PATH
  remote: .
  specs:
    dtk-client (0.1.5)
      bundler (>= 1.2.4)
      colorize (~> 0.5.8)
      dtk-common (>= 0.1.7)
      erubis (~> 2.7.0)
      grit (~> 2.5.0)
      hirb (~> 0.7.0)
      jenkins-client (~> 0.0.1)
      json (= 1.7.4)
      rest-client (~> 1.6.7)
      thor (~> 0.15.4)

GEM
  remote: http://rubygems.org/
  remote: http://ec2-54-247-191-95.eu-west-1.compute.amazonaws.com:3000/
  remote: http://ec2-54-247-191-95.eu-west-1.compute.amazonaws.com:4000/
  specs:
    addressable (2.3.4)
    colorize (0.5.8)
    diff-lcs (1.2.4)
    dtk-common (0.1.7)
      sequel (~> 3.40.0)
    erubis (2.7.0)
    faraday (0.7.6)
      addressable (~> 2.2)
      multipart-post (~> 1.1)
      rack (~> 1.1)
    faraday_middleware (0.8.8)
      faraday (>= 0.7.4, < 0.9)
    grit (2.5.0)
      diff-lcs (~> 1.1)
      mime-types (~> 1.15)
      posix-spawn (~> 0.3.6)
    hashie (1.2.0)
    hirb (0.7.1)
    jenkins-client (0.0.1)
      faraday (~> 0.7.6)
      faraday_middleware (~> 0.8.4)
      rash (~> 0.3.2)
    json (1.7.4)
    mime-types (1.23)
    multipart-post (1.2.0)
    posix-spawn (0.3.6)
    rack (1.5.2)
    rash (0.3.2)
      hashie (~> 1.2.0)
    rest-client (1.6.7)
      mime-types (>= 1.16)
    sequel (3.40.0)
    thor (0.15.4)

PLATFORMS
  ruby

DEPENDENCIES
  dtk-client!
