GEM
  remote: http://rubygems.org/
  specs:
    activesupport (3.2.7)
      i18n (~> 0.6)
      multi_json (~> 1.0)
    diff-lcs (1.1.3)
    dtk-common (0.1.0)
    erubis (2.7.0)
    grit (2.5.0)
      diff-lcs (~> 1.1)
      mime-types (~> 1.15)
      posix-spawn (~> 0.3.6)
    i18n (0.6.0)
    json (1.7.4)
    mime-types (1.19)
    multi_json (1.3.6)
    posix-spawn (0.3.6)
    rest-client (1.6.7)
      mime-types (>= 1.16)
    rspec (2.11.0)
      rspec-core (~> 2.11.0)
      rspec-expectations (~> 2.11.0)
      rspec-mocks (~> 2.11.0)
    rspec-core (2.11.1)
    rspec-expectations (2.11.2)
      diff-lcs (~> 1.1.3)
    rspec-mocks (2.11.1)
    thor (0.15.4)

PLATFORMS
  ruby

DEPENDENCIES
  activesupport
  dtk-common
  erubis
  grit
  json
  rest-client
  rspec
  thor
