PATH
  remote: .
  specs:
    dtk-shell (0.10.0)
      awesome_print (= 1.1.0)
      bundler (>= 1.2.4)
      colorize (= 0.7.7)
      diff-lcs (= 1.2.0)
      dtk-common-core (= 0.10.0)
      erubis (~> 2.7.0)
      git (= 1.2.9)
      highline (= 1.7.8)
      hirb (~> 0.7.0)
      json_pure (= 1.7.4)
      mime-types (~> 2.99.3)
      thor (~> 0.15.4)

GEM
  remote: https://rubygems.org/
  specs:
    awesome_print (1.1.0)
    colorize (0.7.7)
    diff-lcs (1.2.0)
    dtk-common-core (0.10.0)
      rest-client (= 1.6.7)
    erubis (2.7.0)
    git (1.2.9)
    highline (1.7.8)
    hirb (0.7.3)
    json_pure (1.7.4)
    mime-types (2.99.3)
    rest-client (1.6.7)
      mime-types (>= 1.16)
    thor (0.15.4)

PLATFORMS
  ruby

DEPENDENCIES
  dtk-shell!
