GEM
  remote: http://rubygems.org/
  specs:
    activesupport (3.2.7)
      i18n (~> 0.6)
      multi_json (~> 1.0)
    diff-lcs (1.1.3)
    erubis (2.7.0)
    grit (2.5.0)
      diff-lcs (~> 1.1)
      mime-types (~> 1.15)
      posix-spawn (~> 0.3.6)
    i18n (0.6.0)
    json (1.7.4)
    mime-types (1.19)
    multi_json (1.3.6)
    posix-spawn (0.3.6)
    rest-client (1.6.7)
      mime-types (>= 1.16)
    thor (0.15.4)

PLATFORMS
  ruby

DEPENDENCIES
  activesupport
  erubis
  grit
  json
  rest-client
  thor
