PATH
  remote: .
  specs:
    dtk-client (0.1.6)

GEM
  remote: http://rubygems.org/
  remote: http://ec2-54-247-191-95.eu-west-1.compute.amazonaws.com:3000/
  remote: http://ec2-54-247-191-95.eu-west-1.compute.amazonaws.com:4000/
  specs:
    colorize (0.5.8)
    diff-lcs (1.2.4)
    dtk-common (0.1.9)
    erubis (2.7.0)
    grit (2.5.0)
      diff-lcs (~> 1.1)
      mime-types (~> 1.15)
      posix-spawn (~> 0.3.6)
    hirb (0.7.1)
    json (1.7.4)
    mime-types (1.23)
    posix-spawn (0.3.6)
    rest-client (1.6.7)
      mime-types (>= 1.16)
    thor (0.15.4)

PLATFORMS
  ruby

DEPENDENCIES
  bundler (>= 1.2.4)
  colorize (~> 0.5.8)
  dtk-client!
  dtk-common (>= 0.1.9)
  erubis (~> 2.7.0)
  grit (~> 2.5.0)
  hirb (~> 0.7.0)
  json (= 1.7.4)
  rest-client (~> 1.6.7)
  thor (~> 0.15.4)
